PATH
  remote: .
  specs:
    steam_mist (1.2.3)
      hashie (~> 2.0)
      oj (~> 2.1)

GEM
  remote: https://rubygems.org/
  specs:
    diff-lcs (1.2.1)
    hashie (2.0.5)
    oj (2.1.4)
    rspec (2.13.0)
      rspec-core (~> 2.13.0)
      rspec-expectations (~> 2.13.0)
      rspec-mocks (~> 2.13.0)
    rspec-core (2.13.0)
    rspec-expectations (2.13.0)
      diff-lcs (>= 1.1.3, < 2.0)
    rspec-mocks (2.13.0)

PLATFORMS
  ruby

DEPENDENCIES
  rspec
  steam_mist!
